GEM
  remote: https://rubygems.org/
  specs:
    log4r (1.1.10)
    mini_portile2 (2.8.0)
    nokogiri (1.13.9)
      mini_portile2 (~> 2.8.0)
      racc (~> 1.4)
    polyglot (0.3.5)
    racc (1.6.0)
    slaw (11.0.0)
      log4r (~> 1.1)
      nokogiri (~> 1.8)
      thor (~> 0.20)
      treetop (~> 1.5)
    thor (0.20.3)
    treetop (1.6.11)
      polyglot (~> 0.3)

PLATFORMS
  ruby

DEPENDENCIES
  slaw (~> 11.0)

RUBY VERSION
   ruby 2.7.2p137

BUNDLED WITH
   2.2.28
